GEM
  remote: https://rubygems.org/
  specs:
    chunky_png (1.2.8)
    colored (1.2)
    compass (0.12.2)
      chunky_png (~> 1.2)
      fssm (>= 0.2.7)
      sass (~> 3.1)
    cri (2.3.0)
      colored (>= 1.2)
    execjs (1.4.0)
      multi_json (~> 1.0)
    fssm (0.2.10)
    haml (4.0.2)
      tilt
    kramdown (0.14.2)
    multi_json (1.7.3)
    nanoc (3.6.3)
      cri (~> 2.3)
    rake (10.0.4)
    sass (3.2.8)
    tilt (1.4.0)
    uglifier (2.0.1)
      execjs (>= 0.3.0)
      multi_json (~> 1.0, >= 1.0.2)

PLATFORMS
  ruby

DEPENDENCIES
  compass
  haml
  kramdown
  nanoc
  rake
  uglifier
