GEM
  remote: https://rubygems.org/
  specs:
    activesupport (3.2.13)
      i18n (= 0.6.1)
      multi_json (~> 1.0)
    adsf (1.1.1)
      rack (>= 1.0.0)
    builder (3.2.0)
    chunky_png (1.2.8)
    coderay (1.0.9)
    colored (1.2)
    compass (0.12.2)
      chunky_png (~> 1.2)
      fssm (>= 0.2.7)
      sass (~> 3.1)
    cri (2.3.0)
      colored (>= 1.2)
    execjs (1.4.0)
      multi_json (~> 1.0)
    fssm (0.2.10)
    haml (4.0.2)
      tilt
    haml-coderay (0.2.0)
      coderay
      haml
    hike (1.2.2)
    i18n (0.6.1)
    jsmin (1.0.1)
    kramdown (0.14.2)
    multi_json (1.7.3)
    nanoc (3.6.3)
      cri (~> 2.3)
    nanoc-sprockets-filter (0.1.1)
      nanoc (>= 3.4.0)
      sprockets (>= 2.8.0)
    nanoc-toolbox (0.1.1)
      jsmin (~> 1.0)
      nanoc (~> 3.4)
      nokogiri (~> 1.4)
    nokogiri (1.5.9)
    rack (1.5.2)
    rake (10.0.4)
    sass (3.2.8)
    sprockets (2.9.3)
      hike (~> 1.2)
      multi_json (~> 1.0)
      rack (~> 1.0)
      tilt (~> 1.1, != 1.3.0)
    sprockets-helpers (1.0.1)
      sprockets (~> 2.0)
    sprockets-sass (1.0.1)
      sprockets (~> 2.0)
      tilt (~> 1.1)
    tilt (1.4.0)
    uglifier (2.0.1)
      execjs (>= 0.3.0)
      multi_json (~> 1.0, >= 1.0.2)

PLATFORMS
  ruby

DEPENDENCIES
  activesupport
  adsf
  builder
  coderay
  compass
  haml
  haml-coderay
  kramdown
  nanoc
  nanoc-sprockets-filter
  nanoc-toolbox
  rake
  sass
  sprockets-helpers
  sprockets-sass
  uglifier
