GEM
  remote: https://rubygems.org/
  specs:
    colored (1.2)
    cri (2.3.0)
      colored (>= 1.2)
    haml (4.0.2)
      tilt
    kramdown (0.14.2)
    nanoc (3.6.3)
      cri (~> 2.3)
    rake (10.0.4)
    tilt (1.4.0)

PLATFORMS
  ruby

DEPENDENCIES
  haml
  kramdown
  nanoc
  rake
