GEM
  remote: https://rubygems.org/
  specs:
    activesupport (5.0.1)
      concurrent-ruby (~> 1.0, >= 1.0.2)
      i18n (~> 0.7)
      minitest (~> 5.1)
      tzinfo (~> 1.1)
    adsf (1.2.1)
      rack (>= 1.0.0)
    builder (3.2.3)
    coderay (1.1.1)
    colored (1.2)
    concurrent-ruby (1.0.4)
    cri (2.7.1)
      colored (~> 1.2)
    haml (4.0.7)
      tilt
    haml-coderay (0.2.0)
      coderay
      haml
    i18n (0.8.1)
    jsmin (1.0.1)
    kramdown (1.13.2)
    mini_portile2 (2.1.0)
    minitest (5.10.1)
    nanoc (3.8.0)
      cri (~> 2.3)
    nanoc-toolbox (0.2.1)
      jsmin (~> 1.0)
      nanoc (~> 3.7)
      nokogiri (~> 1.6)
    nokogiri (1.7.0.1)
      mini_portile2 (~> 2.1.0)
    rack (2.0.1)
    rake (12.0.0)
    thread_safe (0.3.5)
    tilt (2.0.6)
    tzinfo (1.2.2)
      thread_safe (~> 0.1)

PLATFORMS
  ruby

DEPENDENCIES
  activesupport
  adsf
  builder
  coderay
  haml
  haml-coderay
  kramdown
  nanoc
  nanoc-toolbox
  rake

BUNDLED WITH
   1.13.7
